GEM
  remote: https://rubygems.org/
  specs:
    commonmarker (0.21.1)
      ruby-enum (~> 0.5)
    concurrent-ruby (1.1.10)
    i18n (1.10.0)
      concurrent-ruby (~> 1.0)
    ruby-enum (0.9.0)
      i18n

PLATFORMS
  ruby

DEPENDENCIES
  commonmarker

BUNDLED WITH
   2.1.4
