GEM
  remote: https://rubygems.org/
  specs:
    ansi (1.5.0)
    ast (2.4.2)
    commonmarker (0.21.1)
      ruby-enum (~> 0.5)
    concurrent-ruby (1.1.10)
    i18n (1.10.0)
      concurrent-ruby (~> 1.0)
    oga (3.3)
      ast
      ruby-ll (~> 2.1)
    ruby-enum (0.9.0)
      i18n
    ruby-ll (2.1.2)
      ansi
      ast
    tablestructured (0.1.1)

PLATFORMS
  ruby

DEPENDENCIES
  commonmarker
  oga
  tablestructured

BUNDLED WITH
   2.1.4
